GIT
  remote: git://github.com/cucumber/aruba.git
  revision: 99d8e6a5992af17b014783e775409bc3fd422273
  specs:
    aruba (0.5.4)
      childprocess (>= 0.3.6)
      cucumber (>= 1.1.1)
      rspec-expectations (>= 2.7.0)

PATH
  remote: .
  specs:
    apiary_blueprint_convertor (0.1.0)

GEM
  remote: https://rubygems.org/
  specs:
    builder (3.2.2)
    childprocess (0.3.9)
      ffi (~> 1.0, >= 1.0.11)
    cucumber (1.3.10)
      builder (>= 2.1.2)
      diff-lcs (>= 1.1.3)
      gherkin (~> 2.12)
      multi_json (>= 1.7.5, < 2.0)
      multi_test (>= 0.0.2)
    diff-lcs (1.2.5)
    ffi (1.9.3)
    gherkin (2.12.2)
      multi_json (~> 1.3)
    minitest (5.2.1)
    multi_json (1.8.4)
    multi_test (0.0.3)
    rake (10.1.1)
    rspec-expectations (2.14.4)
      diff-lcs (>= 1.1.3, < 2.0)

PLATFORMS
  ruby

DEPENDENCIES
  apiary_blueprint_convertor!
  aruba!
  bundler (~> 1.5)
  cucumber
  minitest
  rake
